GEM
  remote: https://rubygems.org/
  specs:
    mustermann (1.0.3)
    nio4r (2.4.0)
    puma (4.0.1)
      nio4r (~> 2.0)
    rack (2.0.7)
    rack-protection (2.0.5)
      rack
    shotgun (0.9.2)
      rack (>= 1.0)
    sinatra (2.0.5)
      mustermann (~> 1.0)
      rack (~> 2.0)
      rack-protection (= 2.0.5)
      tilt (~> 2.0)
    tilt (2.0.9)

PLATFORMS
  ruby

DEPENDENCIES
  bundler
  puma
  shotgun
  sinatra

RUBY VERSION
   ruby 2.6.3p62

BUNDLED WITH
   2.0.2
